GEM
  remote: http://rubygems.org/
  specs:
    OptionParser (0.5.1)
    activemodel (3.1.0)
      activesupport (= 3.1.0)
      bcrypt-ruby (~> 3.0.0)
      builder (~> 3.0.0)
      i18n (~> 0.6)
    activerecord (3.1.0)
      activemodel (= 3.1.0)
      activesupport (= 3.1.0)
      arel (~> 2.2.1)
      tzinfo (~> 0.3.29)
    activesupport (3.1.0)
      multi_json (~> 1.0)
    arel (2.2.1)
    bcrypt-ruby (3.0.1)
    builder (3.0.0)
    ci_reporter (1.6.5)
      builder (>= 2.1.2)
    columnize (0.3.4)
    i18n (0.6.0)
    linecache (0.46)
      rbx-require-relative (> 0.0.4)
    metaclass (0.0.1)
    mocha (0.10.0)
      metaclass (~> 0.0.1)
    multi_json (1.0.3)
    rbx-require-relative (0.0.5)
    ruby-debug (0.10.4)
      columnize (>= 0.1)
      ruby-debug-base (~> 0.10.4.0)
    ruby-debug-base (0.10.4)
      linecache (>= 0.3)
    tzinfo (0.3.29)

PLATFORMS
  ruby

DEPENDENCIES
  OptionParser (~> 0.5.1)
  activerecord (~> 3.1.0)
  ci_reporter (~> 1.6.5)
  mocha (~> 0.10.0)
  ruby-debug (~> 0.10.4)
