PATH
  remote: .
  specs:
    timemaniac (0.0.1)
      OptionParser (~> 0.5.1)
      sequel (~> 3.28.0)
      sqlite3-ruby (~> 1.3.3)

GEM
  remote: http://rubygems.org/
  specs:
    OptionParser (0.5.1)
    diff-lcs (1.1.3)
    metaclass (0.0.1)
    mocha (0.10.0)
      metaclass (~> 0.0.1)
    multi_json (1.0.3)
    rspec (2.7.0)
      rspec-core (~> 2.7.0)
      rspec-expectations (~> 2.7.0)
      rspec-mocks (~> 2.7.0)
    rspec-core (2.7.0)
    rspec-expectations (2.7.0)
      diff-lcs (~> 1.1.2)
    rspec-mocks (2.7.0)
    sequel (3.28.0)
    simplecov (0.5.4)
      multi_json (~> 1.0.3)
      simplecov-html (~> 0.5.3)
    simplecov-html (0.5.3)
    sqlite3 (1.3.4)
    sqlite3-ruby (1.3.3)
      sqlite3 (>= 1.3.3)

PLATFORMS
  ruby

DEPENDENCIES
  mocha (~> 0.10.0)
  rspec (~> 2.7.0)
  simplecov (~> 0.5.4)
  timemaniac!
